GIT
  remote: git://github.com/brandonweiss/rack-minitest.git
  revision: ff8669c284e05c3cba8d14b867165c103283a167
  specs:
    rack-minitest (0.0.10)
      json
      minitest (~> 5.0)
      rack-test

GEM
  remote: https://rubygems.org/
  specs:
    addressable (2.4.0)
    concurrent-ruby (1.0.2)
    connection_pool (2.2.0)
    crack (0.4.3)
      safe_yaml (~> 1.0.0)
    faraday (0.9.2)
      multipart-post (>= 1.2, < 3)
    faraday_bang (1.1.0)
      faraday
    foreman (0.82.0)
      thor (~> 0.19.1)
    haikunator (1.1.0)
    hashdiff (0.3.0)
    json (1.8.3)
    metaclass (0.0.4)
    minitest (5.9.0)
    mocha (1.1.0)
      metaclass (~> 0.0.1)
    multipart-post (2.0.0)
    puma (3.6.0)
    rack (1.6.4)
    rack-protection (1.5.3)
      rack
    rack-test (0.6.3)
      rack (>= 1.0)
    rake (11.2.2)
    redis (3.3.1)
    safe_yaml (1.0.4)
    sequel (4.36.0)
    sidekiq (4.1.2)
      concurrent-ruby (~> 1.0)
      connection_pool (~> 2.2, >= 2.2.0)
      redis (~> 3.2, >= 3.2.1)
    sinatra (1.4.7)
      rack (~> 1.5)
      rack-protection (~> 1.4)
      tilt (>= 1.3, < 3)
    sinatra-param (1.4.0)
      sinatra (~> 1.3)
    sqlite3 (1.3.11)
    thor (0.19.1)
    tilt (2.0.5)
    webmock (2.1.0)
      addressable (>= 2.3.6)
      crack (>= 0.3.2)
      hashdiff

PLATFORMS
  ruby

DEPENDENCIES
  faraday_bang
  foreman
  haikunator
  json
  minitest
  mocha
  puma
  rack-minitest!
  rack-test
  rake
  redis
  sequel
  sidekiq
  sinatra
  sinatra-param
  sqlite3
  webmock

BUNDLED WITH
   1.12.5
